PATH
  remote: .
  specs:
    core_data (0.2.0)
      nokogiri (~> 1.4)

GEM
  remote: https://rubygems.org/
  specs:
    mini_portile2 (2.4.0)
    nokogiri (1.10.3)
      mini_portile2 (~> 2.4.0)
    rake (12.3.2)

PLATFORMS
  ruby

DEPENDENCIES
  core_data!
  rake

BUNDLED WITH
   2.0.1
